GEM
  remote: https://rubygems.org/
  specs:
    async (1.15.1)
      nio4r (~> 2.3)
      timers (~> 4.1)
    async-io (1.18.2)
      async (~> 1.14)
    ffi (1.10.0)
    listen (3.1.5)
      rb-fsevent (~> 0.9, >= 0.9.4)
      rb-inotify (~> 0.9, >= 0.9.7)
      ruby_dep (~> 1.2)
    nio4r (2.3.1)
    rb-fsevent (0.10.3)
    rb-inotify (0.10.0)
      ffi (~> 1.0)
    rerun (0.13.0)
      listen (~> 3.0)
    ruby_dep (1.5.0)
    timers (4.3.0)

PLATFORMS
  ruby

DEPENDENCIES
  async
  async-io
  rerun

BUNDLED WITH
   1.17.2
